GEM
  remote: http://rubygems.org/
  specs:
    RedCloth (4.2.9)
    albino (1.3.3)
      posix-spawn (>= 0.3.6)
    bibtex-ruby (2.0.12)
      latex-decode (>= 0.0.6)
      multi_json (~> 1.3)
    blankslate (3.1.2)
    chunky_png (1.2.7)
    citeproc-ruby (0.0.6)
      logging (~> 1.5)
      nokogiri (~> 1.5)
    classifier (1.3.3)
      fast-stemmer (>= 1.0.0)
    compass (0.12.2)
      chunky_png (~> 1.2)
      fssm (>= 0.2.7)
      sass (~> 3.1)
    directory_watcher (1.4.1)
    fast-stemmer (1.0.1)
    ffi (1.0.11)
    fssm (0.2.9)
    haml (3.1.7)
    jekyll (0.11.2)
      albino (~> 1.3)
      classifier (~> 1.3)
      directory_watcher (~> 1.1)
      kramdown (~> 0.13)
      liquid (~> 2.3)
      maruku (~> 0.5)
    jekyll-scholar (0.2.0)
      bibtex-ruby (~> 2.0.7)
      citeproc-ruby (~> 0.0.6)
      jekyll (~> 0.10)
    jekyll-scholar-extras (0.0.1)
      bibtex-ruby (~> 2.0.5)
      citeproc-ruby (~> 0.0.6)
      jekyll (~> 0.10)
    jsmin (1.0.1)
    kramdown (0.14.2)
    latex-decode (0.0.12)
      unicode (~> 0.4)
    liquid (2.3.0)
    little-plugger (1.1.3)
    logging (1.8.1)
      little-plugger (>= 1.1.3)
      multi_json (>= 1.3.6)
    maruku (0.6.1)
      syntax (>= 1.0.0)
    multi_json (1.5.0)
    nokogiri (1.5.6)
    posix-spawn (0.3.6)
    pygments.rb (0.2.13)
      rubypython (~> 0.5.3)
    rack (1.4.4)
    rack-protection (1.3.2)
      rack
    rake (0.9.6)
    rake-minify (0.4.0)
      jsmin (~> 1.0.1)
      rake (>= 0.8.7)
    rb-fsevent (0.9.3)
    rubypants (0.2.0)
    rubypython (0.5.3)
      blankslate (>= 2.1.2.3)
      ffi (~> 1.0.7)
    sass (3.2.5)
    sinatra (1.3.3)
      rack (~> 1.3, >= 1.3.6)
      rack-protection (~> 1.2)
      tilt (~> 1.3, >= 1.3.3)
    stringex (1.4.0)
    syntax (1.0.0)
    tilt (1.3.3)
    unicode (0.4.3.1)

PLATFORMS
  ruby

DEPENDENCIES
  RedCloth (~> 4.2.9)
  bibtex-ruby
  citeproc-ruby
  compass (~> 0.12.1)
  haml (~> 3.1.6)
  jekyll (~> 0.11.2)
  jekyll-scholar
  jekyll-scholar-extras
  liquid (~> 2.3.0)
  pygments.rb (~> 0.2.12)
  rack (~> 1.4.1)
  rake (~> 0.9.2)
  rake-minify
  rb-fsevent (~> 0.9)
  rubypants (~> 0.2.0)
  sinatra (~> 1.3.2)
  stringex (~> 1.4.0)
